GEM
  remote: http://rubygems.org/
  specs:
    byebug (9.0.6)
    minitest (5.10.1)

PLATFORMS
  ruby

DEPENDENCIES
  byebug
  minitest

BUNDLED WITH
   1.13.1
